GEM
  remote: https://rubygems.org/
  specs:
    foreman (0.78.0)
      thor (~> 0.19.1)
    puma (2.16.0)
    rack (1.6.4)
    thor (0.19.1)

PLATFORMS
  ruby

DEPENDENCIES
  foreman
  puma
  rack

BUNDLED WITH
   1.11.2
